GEM
  remote: http://rubygems.org/
  specs:
    amq-protocol (2.1.0)
    bunny (2.6.3)
      amq-protocol (>= 2.0.1)

PLATFORMS
  ruby

DEPENDENCIES
  bunny (~> 2.6)

BUNDLED WITH
   1.13.6
